GIT
  remote: git://github.com/johnlinvc/erlport-ast_mapping.git
  revision: 15cac23aebdaa4ec686937db045332aa0fe0560e
  specs:
    erlport-ast_mapping (0.1.0)
      ast
      parser

GEM
  remote: https://rubygems.org/
  specs:
    ast (2.1.0)
    parser (2.2.2.6)
      ast (>= 1.1, < 3.0)

PLATFORMS
  ruby

DEPENDENCIES
  erlport-ast_mapping!
  parser

BUNDLED WITH
   1.10.6
