GEM
  remote: https://rubygems.org/
  specs:
    ast (2.1.0)
    parser (2.2.2.6)
      ast (>= 1.1, < 3.0)

PLATFORMS
  ruby

DEPENDENCIES
  parser
